PATH
  remote: .
  specs:
    rails_best_practices (1.0.1)
      activesupport
      colored
      erubis
      i18n
      progressbar
      sexp_processor

GEM
  remote: http://rubygems.org/
  specs:
    activesupport (3.0.7)
    colored (1.2)
    diff-lcs (1.1.2)
    erubis (2.7.0)
    haml (3.1.3)
    i18n (0.5.0)
    progressbar (0.9.1)
    rake (0.8.7)
    ripper (1.0.2)
    rspec (2.4.0)
      rspec-core (~> 2.4.0)
      rspec-expectations (~> 2.4.0)
      rspec-mocks (~> 2.4.0)
    rspec-core (2.4.0)
    rspec-expectations (2.4.0)
      diff-lcs (~> 1.1.2)
    rspec-mocks (2.4.0)
    sexp_processor (3.0.5)
    watchr (0.7)

PLATFORMS
  ruby

DEPENDENCIES
  bundler
  haml
  rails_best_practices!
  rake
  ripper
  rspec
  watchr
